PATH
  remote: ../nice-buttons-gem
  specs:
    nice-buttons (1.0.0)
      compass (>= 0.12)
      sass (>= 3.2)

GEM
  remote: https://rubygems.org/
  specs:
    chunky_png (1.2.6)
    compass (0.12.2)
      chunky_png (~> 1.2)
      fssm (>= 0.2.7)
      sass (~> 3.1)
    fssm (0.2.9)
    sass (3.2.1)

PLATFORMS
  ruby

DEPENDENCIES
  nice-buttons!
